GIT
  remote: git://github.com/sinatra/sinatra.git
  revision: 49eac3a645add2d1fb1698ce4a250896ff0af1b4
  specs:
    sinatra (1.4.0)
      rack (~> 1.3, >= 1.3.6)
      rack-protection (~> 1.2)
      tilt (~> 1.3, >= 1.3.3)

GIT
  remote: git://github.com/travis-ci/travis-sso.git
  revision: 0cf100832e8d18d2e5a36af5fcf7d25113cf89b0
  specs:
    travis-sso (0.0.1)
      multi_json
      rack

GEM
  remote: http://rubygems.org/
  specs:
    coffee-script (2.2.0)
      coffee-script-source
      execjs
    coffee-script-source (1.3.3)
    daemons (1.1.9)
    eventmachine (1.0.0)
    execjs (1.4.0)
      multi_json (~> 1.0)
    multi_json (1.3.6)
    rack (1.4.1)
    rack-protection (1.2.0)
      rack
    rack-ssl (1.3.2)
      rack
    rinku (1.7.2)
    sass (3.2.1)
    slim (1.3.3)
      temple (~> 0.5.5)
      tilt (~> 1.3.3)
    temple (0.5.5)
    thin (1.5.0)
      daemons (>= 1.0.9)
      eventmachine (>= 0.12.6)
      rack (>= 1.0.0)
    tilt (1.3.3)

PLATFORMS
  ruby

DEPENDENCIES
  coffee-script
  rack-ssl
  rinku
  sass
  sinatra!
  slim
  thin
  travis-sso!
